GEM
  remote: https://rubygems.org/
  specs:
    blankslate (2.1.2.4)
    mini_portile (0.6.2)
    nokogiri (1.6.6.2)
      mini_portile (~> 0.6.0)
    parslet (1.5.0)
      blankslate (~> 2.0)
    thor (0.19.1)
    toml (0.1.2)
      parslet (~> 1.5.0)

PLATFORMS
  ruby

DEPENDENCIES
  nokogiri
  thor
  toml

BUNDLED WITH
   1.10.6
